GEM
  remote: http://rubygems.org/
  specs:
    builder (2.1.2)
    columnize (0.3.1)
    cucumber (0.7.2)
      builder (>= 2.1.2)
      diff-lcs (>= 1.1.2)
      gherkin (>= 1.0.24)
      json_pure (>= 1.2.4)
      term-ansicolor (>= 1.0.4)
    diff-lcs (1.1.2)
    gherkin (1.0.30)
      trollop (>= 1.16.2)
    json_pure (1.4.6)
    linecache (0.43)
    rake (0.8.7)
    rdoc (2.5.11)
    rspec (2.0.0.beta.19)
      rspec-core (= 2.0.0.beta.19)
      rspec-expectations (= 2.0.0.beta.19)
      rspec-mocks (= 2.0.0.beta.19)
    rspec-core (2.0.0.beta.19)
    rspec-expectations (2.0.0.beta.19)
      diff-lcs (>= 1.1.2)
    rspec-mocks (2.0.0.beta.19)
    ruby-debug (0.10.3)
      columnize (>= 0.1)
      ruby-debug-base (~> 0.10.3.0)
    ruby-debug-base (0.10.3)
      linecache (>= 0.3)
    term-ansicolor (1.0.5)
    trollop (1.16.2)

PLATFORMS
  ruby

DEPENDENCIES
  cucumber
  rake
  rdoc
  rspec
  rspec-core
  rspec-expectations
  rspec-mocks
  ruby-debug
