GIT
  remote: http://github.com/phiggins/webmock.git
  revision: 68a0708b9e55648252315bd9ec8f5f30ace0d132
  specs:
    webmock (1.3.5)
      addressable (>= 2.1.1)
      crack (>= 0.1.7)

GEM
  remote: http://rubygems.org/
  specs:
    activemodel (3.0.0)
      activesupport (= 3.0.0)
      builder (~> 2.1.2)
      i18n (~> 0.4.1)
    activesupport (3.0.0)
    addressable (2.2.1)
    builder (2.1.2)
    columnize (0.3.1)
    crack (0.1.8)
    cucumber (0.8.5)
      builder (~> 2.1.2)
      diff-lcs (~> 1.1.2)
      gherkin (~> 2.1.4)
      json_pure (~> 1.4.3)
      term-ansicolor (~> 1.0.4)
    curb (0.7.8)
    diff-lcs (1.1.2)
    gherkin (2.1.5)
      trollop (~> 1.16.2)
    i18n (0.4.1)
    json (1.4.6)
    json_pure (1.4.6)
    linecache (0.43)
    rake (0.8.7)
    rdoc (2.5.11)
    rspec (2.0.0.beta.19)
      rspec-core (= 2.0.0.beta.19)
      rspec-expectations (= 2.0.0.beta.19)
      rspec-mocks (= 2.0.0.beta.19)
    rspec-core (2.0.0.beta.19)
    rspec-expectations (2.0.0.beta.19)
      diff-lcs (>= 1.1.2)
    rspec-mocks (2.0.0.beta.19)
    ruby-debug (0.10.3)
      columnize (>= 0.1)
      ruby-debug-base (~> 0.10.3.0)
    ruby-debug-base (0.10.3)
      linecache (>= 0.3)
    tcpsocket-wait (1.0.0)
    term-ansicolor (1.0.5)
    trollop (1.16.2)

PLATFORMS
  ruby

DEPENDENCIES
  activemodel
  cucumber
  curb
  json
  rake
  rdoc
  rspec (= 2.0.0.beta.19)
  rspec-core (= 2.0.0.beta.19)
  rspec-expectations (= 2.0.0.beta.19)
  rspec-mocks
  ruby-debug
  tcpsocket-wait
  webmock!
